PATH
  remote: .
  specs:
    ruby-fann (1.2.0)

GEM
  remote: https://rubygems.org/
  specs:
    json (1.7.7)
    rdoc (3.12.2)
      json (~> 1.4)

PLATFORMS
  ruby

DEPENDENCIES
  rdoc
  ruby-fann!
